PATH
  remote: ../../body_builder
  specs:
    body_builder (0.1.0)
      erubis
      rack

GEM
  remote: https://rubygems.org/
  specs:
    erubis (2.7.0)
    rack (1.6.4)

PLATFORMS
  ruby

DEPENDENCIES
  body_builder!

BUNDLED WITH
   1.10.6
